GEM
  remote: https://rubygems.org/
  specs:

PLATFORMS
  universal-java-1.8

DEPENDENCIES

BUNDLED WITH
   2.5.9
